GEM
  remote: https://rubygems.org/
  specs:
    POpen4 (0.1.4)
      Platform (>= 0.4.0)
      open4
    Platform (0.4.0)
    ansi (1.4.3)
    builder (3.2.0)
    coffee-script (2.2.0)
      coffee-script-source
      execjs
    coffee-script-source (1.6.2)
    columnize (0.3.6)
    debugger (1.5.0)
      columnize (>= 0.3.1)
      debugger-linecache (~> 1.2.0)
      debugger-ruby_core_source (~> 1.2.0)
    debugger-linecache (1.2.0)
    debugger-ruby_core_source (1.2.0)
    excon (0.22.1)
    execjs (1.4.0)
      multi_json (~> 1.0)
    gson (0.6.1-java)
    hike (1.2.1)
    jdbc-postgres (9.2.1002.1)
    kramdown (1.2.0)
    multi_json (1.7.2)
    oj (2.1.4)
    open4 (1.3.0)
    pg (0.14.1)
    puma (2.3.2)
      rack (>= 1.1, < 2.0)
    puma (2.3.2-java)
      rack (>= 1.1, < 2.0)
    rack (1.5.2)
    rack-instruments (0.3.1)
      slides (~> 0.2.0)
    rack-protection (1.5.0)
      rack
    rack-robots (0.1.2)
    rack-ssl (1.3.3)
      rack
    rack-test (0.6.2)
      rack (>= 1.0)
    redcarpet (2.3.0)
    rr (1.0.4)
    sass (3.2.7)
    sequel (3.45.0)
    sequel-instruments (0.1.0)
      slides (~> 0.1)
    sinatra (1.3.6)
      rack (~> 1.4)
      rack-protection (~> 1.3)
      tilt (~> 1.3, >= 1.3.3)
    sinatra-router (0.2.1)
      sinatra (~> 1.3.3)
    slides (0.2.0)
    slim (1.3.8)
      temple (~> 0.6.3)
      tilt (~> 1.3.3)
    sprockets (2.9.0)
      hike (~> 1.2)
      multi_json (~> 1.0)
      rack (~> 1.0)
      tilt (~> 1.1, != 1.3.0)
    temple (0.6.4)
    tilt (1.3.7)
    turn (0.9.6)
      ansi
    uglifier (1.3.0)
      execjs (>= 0.3.0)
      multi_json (~> 1.0, >= 1.0.2)
    yui-compressor (0.9.6)
      POpen4 (>= 0.1.4)

PLATFORMS
  java
  ruby

DEPENDENCIES
  builder
  coffee-script
  debugger
  excon
  gson
  jdbc-postgres
  kramdown
  multi_json
  oj
  pg
  puma
  rack
  rack-instruments
  rack-robots
  rack-ssl
  rack-test
  redcarpet
  rr
  sass
  sequel
  sequel-instruments
  sinatra
  sinatra-router
  slides
  slim
  sprockets
  turn
  uglifier
  yui-compressor
