GEM
  remote: https://rubygems.org/
  specs:
    backports (3.6.3)
    builder (3.2.0)
    coffee-script (2.2.0)
      coffee-script-source
      execjs
    coffee-script-source (1.6.2)
    eventmachine (1.0.3)
    eventmachine (1.0.3-java)
    excon (0.27.3)
    execjs (1.4.0)
      multi_json (~> 1.0)
    gson (0.6.1-java)
    hike (1.2.1)
    jdbc-postgres (9.2.1002.1)
    kramdown (1.2.0)
    multi_json (1.7.2)
    oj (2.1.4)
    pg (0.14.1)
    puma (2.3.2)
      rack (>= 1.1, < 2.0)
    puma (2.3.2-java)
      rack (>= 1.1, < 2.0)
    rack (1.5.2)
    rack-cache (1.2)
      rack (>= 0.4)
    rack-protection (1.5.0)
      rack
    rack-robots (0.1.2)
    rack-ssl (1.3.3)
      rack
    rack-test (0.6.2)
      rack (>= 1.0)
    redcarpet (2.3.0)
    rr (1.0.4)
    sass (3.2.7)
    sequel (4.2.0)
    sequel-instruments (0.1.0)
      slides (~> 0.1)
    sinatra (1.3.6)
      rack (~> 1.4)
      rack-protection (~> 1.3)
      tilt (~> 1.3, >= 1.3.3)
    sinatra-contrib (1.3.2)
      backports (>= 2.0)
      eventmachine
      rack-protection
      rack-test
      sinatra (~> 1.3.0)
      tilt (~> 1.3)
    sinatra-router (0.2.1)
      sinatra (~> 1.3.3)
    slides (0.2.0)
    slim (2.0.1)
      temple (~> 0.6.6)
      tilt (>= 1.3.3, < 2.1)
    sprockets (2.9.0)
      hike (~> 1.2)
      multi_json (~> 1.0)
      rack (~> 1.0)
      tilt (~> 1.1, != 1.3.0)
    temple (0.6.6)
    therubyrhino (2.0.2)
      therubyrhino_jar (>= 1.7.3)
    therubyrhino_jar (1.7.4)
    tilt (1.4.1)
    uglifier (1.3.0)
      execjs (>= 0.3.0)
      multi_json (~> 1.0, >= 1.0.2)
    yui-compressor (0.12.0)

PLATFORMS
  java
  ruby

DEPENDENCIES
  builder
  coffee-script
  excon
  gson
  jdbc-postgres
  kramdown
  multi_json
  oj
  pg
  puma
  rack
  rack-cache
  rack-robots
  rack-ssl
  rack-test
  redcarpet
  rr
  sass
  sequel
  sequel-instruments
  sinatra
  sinatra-contrib
  sinatra-router
  slides
  slim
  sprockets
  therubyrhino
  uglifier
  yui-compressor
